PATH
  remote: .
  specs:
    incr (0.7.0)
      git (= 1.3.0)
      gli (= 2.17.1)
      sem_version (= 2.0.1)

GEM
  remote: https://rubygems.org/
  specs:
    git (1.3.0)
    gli (2.17.1)
    sem_version (2.0.1)

PLATFORMS
  ruby

DEPENDENCIES
  incr!

BUNDLED WITH
   1.16.6
